PATH
  remote: .
  specs:
    uq-libraries (0.1.0)
      colorize (~> 0.8.1)
      pry

GEM
  remote: https://rubygems.org/
  specs:
    coderay (1.1.1)
    colorize (0.8.1)
    diff-lcs (1.3)
    method_source (0.8.2)
    mini_portile2 (2.3.0)
    nokogiri (1.8.1)
      mini_portile2 (~> 2.3.0)
    pry (0.10.4)
      coderay (~> 1.1.0)
      method_source (~> 0.8.1)
      slop (~> 3.4)
    rake (12.0.0)
    rspec (3.6.0)
      rspec-core (~> 3.6.0)
      rspec-expectations (~> 3.6.0)
      rspec-mocks (~> 3.6.0)
    rspec-core (3.6.0)
      rspec-support (~> 3.6.0)
    rspec-expectations (3.6.0)
      diff-lcs (>= 1.2.0, < 2.0)
      rspec-support (~> 3.6.0)
    rspec-mocks (3.6.0)
      diff-lcs (>= 1.2.0, < 2.0)
      rspec-support (~> 3.6.0)
    rspec-support (3.6.0)
    slop (3.6.0)

PLATFORMS
  ruby

DEPENDENCIES
  bundler (~> 1.15.4)
  nokogiri
  rake (~> 12.0.0)
  rspec
  uq-libraries!

BUNDLED WITH
   1.15.4
